GEM
  remote: https://rubygems.org/
  specs:
    minitest (4.7.0)

PLATFORMS
  ruby

DEPENDENCIES
  minitest
